GEM
  remote: https://rubygems.org/
  specs:
  rake (10.3.2)
      rdoc (4.1.2)
        json (~> 1.4)

PLATFORMS
  x64-mingw32

DEPENDENCIES

BUNDLED WITH
   1.15.3